GIT
  remote: git://github.com/fishpercolator/CKAN.git
  revision: 6d9859e79bbda9014788b2a80f7ca0c06e0cf7f8
  specs:
    ckan (0.0.3)

GEM
  remote: https://rubygems.org/
  specs:
    haml (4.0.7)
      tilt
    map_h (0.1.0)
    rack (1.6.4)
    rack-protection (1.5.3)
      rack
    sinatra (1.4.7)
      rack (~> 1.5)
      rack-protection (~> 1.4)
      tilt (>= 1.3, < 3)
    tilt (2.0.2)

PLATFORMS
  ruby

DEPENDENCIES
  ckan!
  haml
  map_h
  sinatra

BUNDLED WITH
   1.11.2
